PATH
  remote: .
  specs:
    tarkov_pedia (0.1.0)
      nokogiri

GEM
  remote: https://rubygems.org/
  specs:
    coderay (1.1.3)
    colorize (0.8.1)
    ghi (1.2.0)
      pygments.rb
    method_source (1.0.0)
    mini_portile2 (2.4.0)
    multi_json (1.14.1)
    nokogiri (1.10.9)
      mini_portile2 (~> 2.4.0)
    pry (0.13.1)
      coderay (~> 1.1)
      method_source (~> 1.0)
    pygments.rb (1.2.1)
      multi_json (>= 1.0.0)
    rake (12.3.3)

PLATFORMS
  ruby

DEPENDENCIES
  colorize
  ghi
  pry
  rake (~> 12.3)
  tarkov_pedia!

BUNDLED WITH
   2.1.4
