PATH
  remote: .
  specs:
    tarkov_pedia (0.1.0)

GEM
  remote: https://rubygems.org/
  specs:
    rake (12.3.2)

PLATFORMS
  ruby

DEPENDENCIES
  rake (~> 12.0)
  tarkov_pedia!

BUNDLED WITH
   2.1.4
